GIT
  remote: ghaki@ghaki.com:/home/ghaki/git-archive/ghaki-app.git
  revision: 8cb3b49b8539f7441be625713668b24ff4a7962d
  specs:
    ghaki-app (1.1.3)

GIT
  remote: ghaki@ghaki.com:/home/ghaki/git-archive/ghaki-logger.git
  revision: e6ef3811cb6e8a2822baf3619bded61fb3b0e8ed
  specs:
    ghaki-logger (1.1.6)
      ghaki-app (>= 1.1.2)

PATH
  remote: .
  specs:
    ghaki-stats (1.1.3)
      ghaki-app (>= 1.1.2)

GEM
  remote: http://rubygems.org/
  specs:
    diff-lcs (1.1.3)
    metaclass (0.0.1)
    mocha (0.10.0)
      metaclass (~> 0.0.1)
    rdoc (3.9.4)
    rspec (2.6.0)
      rspec-core (~> 2.6.0)
      rspec-expectations (~> 2.6.0)
      rspec-mocks (~> 2.6.0)
    rspec-core (2.6.4)
    rspec-expectations (2.6.0)
      diff-lcs (~> 1.1.2)
    rspec-mocks (2.6.0)

PLATFORMS
  ruby

DEPENDENCIES
  ghaki-app!
  ghaki-logger!
  ghaki-stats!
  mocha (>= 0.9.12)
  rdoc (>= 3.9.4)
  rspec (>= 2.4.0)
